{
    "TaskName": "MoveL",
    "Manufacturer": "Elekta",
    "PowerLineFrequency": 50.0,
    "SamplingFrequency": 2000.0,
    "SoftwareFilters": {
        "SpatialCompensation": {
            "GradientOrder": 0
        }
    },
    "RecordingDuration": 727.4995,
    "RecordingType": "continuous",
    "DewarPosition": "n/a",
    "DigitizedLandmarks": true,
    "DigitizedHeadPoints": false,
    "MEGChannelCount": 306,
    "MEGREFChannelCount": 0,
    "ContinuousHeadLocalization": false,
    "HeadCoilFrequency": [],
    "EEGChannelCount": 8,
    "EOGChannelCount": 2,
    "ECGChannelCount": 0,
    "EMGChannelCount": 4,
    "MiscChannelCount": 0,
    "TriggerChannelCount": 3
}
